PATH
  remote: .
  specs:
    mustache-santa (0.1.0)
      mustache (~> 1.0)

GEM
  remote: https://rubygems.org/
  specs:
    mustache (1.1.1)
    rake (10.5.0)

PLATFORMS
  ruby

DEPENDENCIES
  bundler (~> 2.0)
  mustache-santa!
  rake (~> 10.0)

BUNDLED WITH
   2.1.2
